GIT
  remote: git://github.com/adammiribyan/clearance.git
  revision: 866434c
  branch: username
  specs:
    clearance (0.9.0.rc9)
      rails (~> 3.0.0)

GIT
  remote: git://github.com/joren/facebooker.git
  revision: b1481ef
  branch: rails3
  specs:
    facebooker (1.0.64)
      json_pure (>= 1.0.0)

GIT
  remote: git://github.com/mislav/will_paginate.git
  revision: b1a5bee
  branch: rails3
  specs:
    will_paginate (3.0.pre3)

GIT
  remote: http://github.com/rails/exception_notification.git
  revision: 192a49a
  specs:
    exception_notification (1.0.0)

GEM
  remote: http://rubygems.org/
  specs:
    aaronh-chronic (0.3.9)
    abstract (1.0.0)
    actionmailer (3.0.0)
      actionpack (= 3.0.0)
      mail (~> 2.2.5)
    actionpack (3.0.0)
      activemodel (= 3.0.0)
      activesupport (= 3.0.0)
      builder (~> 2.1.2)
      erubis (~> 2.6.6)
      i18n (~> 0.4.1)
      rack (~> 1.2.1)
      rack-mount (~> 0.6.12)
      rack-test (~> 0.5.4)
      tzinfo (~> 0.3.23)
    activemodel (3.0.0)
      activesupport (= 3.0.0)
      builder (~> 2.1.2)
      i18n (~> 0.4.1)
    activerecord (3.0.0)
      activemodel (= 3.0.0)
      activesupport (= 3.0.0)
      arel (~> 1.0.0)
      tzinfo (~> 0.3.23)
    activeresource (3.0.0)
      activemodel (= 3.0.0)
      activesupport (= 3.0.0)
    activesupport (3.0.0)
    arel (1.0.1)
      activesupport (~> 3.0.0)
    backup (3.0.16)
      thor (~> 0.14.6)
    builder (2.1.2)
    cancan (1.4.1)
    erubis (2.6.6)
      abstract (>= 1.0.0)
    haml (3.0.25)
    high_voltage (0.9.3)
    i18n (0.4.2)
    json_pure (1.4.6)
    less (1.2.21)
      mutter (>= 0.4.2)
      treetop (>= 1.4.2)
    mail (2.2.14)
      activesupport (>= 2.3.6)
      i18n (>= 0.4.0)
      mime-types (~> 1.16)
      treetop (~> 1.4.8)
    mime-types (1.16)
    mutter (0.5.3)
    mysql2 (0.2.6)
    mysql2 (0.2.6-x86-mingw32)
    newrelic_rpm (2.13.4)
    polyglot (0.3.1)
    rack (1.2.1)
    rack-mount (0.6.13)
      rack (>= 1.0.0)
    rack-test (0.5.7)
      rack (>= 1.0)
    rails (3.0.0)
      actionmailer (= 3.0.0)
      actionpack (= 3.0.0)
      activerecord (= 3.0.0)
      activeresource (= 3.0.0)
      activesupport (= 3.0.0)
      bundler (~> 1.0.0)
      railties (= 3.0.0)
    railties (3.0.0)
      actionpack (= 3.0.0)
      activesupport (= 3.0.0)
      rake (>= 0.8.4)
      thor (~> 0.14.0)
    rake (0.8.7)
    rdiscount (1.6.5)
    riddle (1.2.2)
    russian (0.2.7)
    simple_form (1.3.0)
      rails (~> 3.0.0)
    thinking-sphinx (2.0.0)
      activerecord (>= 3.0.0)
      riddle (>= 1.2.0)
    thor (0.14.6)
    treetop (1.4.9)
      polyglot (>= 0.3.1)
    tzinfo (0.3.23)
    whenever (0.6.8)
      aaronh-chronic (>= 0.3.9)
      activesupport (>= 2.3.4)

PLATFORMS
  ruby
  x86-mingw32

DEPENDENCIES
  backup
  cancan
  clearance!
  exception_notification!
  facebooker!
  haml
  high_voltage
  less
  mysql2
  newrelic_rpm
  rails (= 3.0.0)
  rdiscount
  russian
  simple_form
  thinking-sphinx (= 2.0.0)
  whenever
  will_paginate!
